GIT
  remote: git://github.com/cloudfoundry/vmc-lib.git
  revision: fb723a8a35d24623903bd06672193113f8fe66e1
  submodules: true
  specs:
    cfoundry (0.5.3.rc4)
      cf-uaa-lib (~> 1.3.8)
      multi_json (~> 1.3)
      multipart-post (~> 1.1)
      rubyzip (~> 0.9)

GIT
  remote: git://github.com/cloudfoundry/vmc.git
  revision: 7c1f7a68113490a2f5bd1661cde8f16ec7398ce6
  specs:
    vmc (0.5.1.rc3)
      cfoundry (>= 0.5.3.rc4, < 0.6)
      clouseau (~> 0.0)
      interact (~> 0.5)
      json_pure (~> 1.6)
      manifests-vmc-plugin (>= 0.6.3.rc2, < 0.7)
      mothership (>= 0.5.1, < 1.0)
      multi_json (~> 1.3)
      tunnel-vmc-plugin (~> 0.2.2)

GEM
  remote: http://rubygems.org/
  specs:
    addressable (2.3.3)
    caldecott-client (0.0.2)
      multi_json (~> 1.3)
    cf-uaa-lib (1.3.8)
      multi_json
    clouseau (0.0.2)
      rubyzip (~> 0.9.9)
    crack (0.3.2)
    diff-lcs (1.1.3)
    fakefs (0.4.2)
    interact (0.5.2)
    json_pure (1.7.7)
    manifests-vmc-plugin (0.6.3.rc2)
      cfoundry (>= 0.5.3.rc4, < 0.6)
    mime-types (1.21)
    mothership (0.5.1)
    multi_json (1.6.1)
    multipart-post (1.2.0)
    rake (10.0.3)
    rest-client (1.6.7)
      mime-types (>= 1.16)
    rr (1.0.4)
    rspec (2.12.0)
      rspec-core (~> 2.12.0)
      rspec-expectations (~> 2.12.0)
      rspec-mocks (~> 2.12.0)
    rspec-core (2.12.2)
    rspec-expectations (2.12.1)
      diff-lcs (~> 1.1.3)
    rspec-mocks (2.12.2)
    rubyzip (0.9.9)
    tunnel-vmc-plugin (0.2.2)
      addressable (~> 2.2)
      caldecott-client (~> 0.0.2)
      cfoundry (~> 0.5.2)
      rest-client (~> 1.6)
      uuidtools (~> 2.1)
    uuidtools (2.1.3)
    webmock (1.9.0)
      addressable (>= 2.2.7)
      crack (>= 0.1.7)

PLATFORMS
  ruby

DEPENDENCIES
  cfoundry!
  fakefs
  rake
  rr (~> 1.0)
  rspec (~> 2.11)
  vmc!
  webmock (~> 1.9)
